GEM
  remote: https://rubygems.org/
  specs:
    httparty (0.14.0)
      multi_xml (>= 0.5.2)
    lastpass (1.5.0)
      httparty (~> 0.14.0)
    multi_xml (0.6.0)

PLATFORMS
  ruby

DEPENDENCIES
  lastpass (~> 1.5)!

RUBY VERSION
   ruby 2.4.2p198

BUNDLED WITH
   1.15.4
